GEM
  remote: https://rubygems.org/
  specs:
    dotenv (2.8.1)
    mysql2 (0.5.5)

PLATFORMS
  aarch64-linux

DEPENDENCIES
  dotenv
  mysql2

BUNDLED WITH
   2.2.22
